GEM
  remote: https://rubygems.org/
  specs:
    addressable (2.3.2)
    diff-lcs (1.1.3)
    em-hiredis (0.1.1)
      hiredis (~> 0.4.0)
    em-rspec (0.1.1)
      eventmachine (>= 0.12.10)
    em-websocket (0.3.8)
      addressable (>= 2.1.1)
      eventmachine (>= 0.12.9)
    eventmachine (1.0.0)
    hiredis (0.4.5)
    rspec (2.12.0)
      rspec-core (~> 2.12.0)
      rspec-expectations (~> 2.12.0)
      rspec-mocks (~> 2.12.0)
    rspec-core (2.12.2)
    rspec-expectations (2.12.1)
      diff-lcs (~> 1.1.3)
    rspec-mocks (2.12.0)
    sass (3.2.3)

PLATFORMS
  ruby

DEPENDENCIES
  em-hiredis (~> 0.1.1)
  em-rspec
  em-websocket (~> 0.3.8)
  eventmachine (~> 1.0.0)
  rspec
  sass (~> 3.2.3)
